GEM
  remote: http://rubygems.org/
  remote: http://gems.github.com/
  specs:
    aaronh-chronic (0.3.9)
    activesupport (3.0.10)
    awesome_print (0.4.0)
    diff-lcs (1.1.3)
    i18n (0.5.0)
    mysql2 (0.3.7)
    rspec (2.6.0)
      rspec-core (~> 2.6.0)
      rspec-expectations (~> 2.6.0)
      rspec-mocks (~> 2.6.0)
    rspec-core (2.6.4)
    rspec-expectations (2.6.0)
      diff-lcs (~> 1.1.2)
    rspec-mocks (2.6.0)
    whenever (0.6.8)
      aaronh-chronic (>= 0.3.9)
      activesupport (>= 2.3.4)

PLATFORMS
  ruby

DEPENDENCIES
  activesupport (~> 3.0.9)
  awesome_print (~> 0.4.0)
  i18n (~> 0.5.0)
  mysql2 (~> 0.3.7)
  rspec
  whenever (~> 0.6.8)
