GEM
  remote: http://rubygems.org/
  remote: http://gems.github.com/
  specs:
    activesupport (3.0.10)
    awesome_print (0.4.0)
    diff-lcs (1.1.3)
    i18n (0.5.0)
    rspec (2.6.0)
      rspec-core (~> 2.6.0)
      rspec-expectations (~> 2.6.0)
      rspec-mocks (~> 2.6.0)
    rspec-core (2.6.4)
    rspec-expectations (2.6.0)
      diff-lcs (~> 1.1.2)
    rspec-mocks (2.6.0)

PLATFORMS
  ruby

DEPENDENCIES
  activesupport (~> 3.0.9)
  awesome_print (~> 0.4.0)
  i18n (~> 0.5.0)
  rspec
